GEM
  remote: https://rubygems.org/
  specs:
    activesupport (5.1.2)
      concurrent-ruby (~> 1.0, >= 1.0.2)
      i18n (~> 0.7)
      minitest (~> 5.1)
      tzinfo (~> 1.1)
    airbrussh (1.3.0)
      sshkit (>= 1.6.1, != 1.7.0)
    bini (0.7.0)
      sys-proctable
    capistrano (3.8.2)
      airbrussh (>= 1.0.0)
      i18n
      rake (>= 10.0.0)
      sshkit (>= 1.9.0)
    capistrano-bundler (1.2.0)
      capistrano (~> 3.1)
      sshkit (~> 1.2)
    capistrano-clockwork (1.0.1)
      capistrano (~> 3.5)
      daemons (~> 1.2)
    clockwork (2.0.2)
      activesupport
      tzinfo
    concurrent-ruby (1.0.5)
    daemons (1.2.4)
    ffi (1.9.18)
    fluent-logger (0.7.1)
      msgpack (>= 1.0.0, < 2)
    httparty (0.11.0)
      multi_json (~> 1.0)
      multi_xml (>= 0.5.2)
    i18n (0.8.6)
    minitest (5.10.2)
    msgpack (1.1.0)
    multi_json (1.12.1)
    multi_xml (0.6.0)
    net-scp (1.2.1)
      net-ssh (>= 2.6.5)
    net-ssh (4.1.0)
    newrelic_rpm (4.2.0.334)
    pushover (1.0.4)
      bini (= 0.7.0)
      httparty (= 0.11.0)
      yajl-ruby (= 1.1.0)
    rake (12.0.0)
    sshkit (1.14.0)
      net-scp (>= 1.1.2)
      net-ssh (>= 2.8.0)
    sys-proctable (1.1.4)
    thread_safe (0.3.6)
    tzinfo (1.2.3)
      thread_safe (~> 0.1)
    yajl-ruby (1.1.0)

PLATFORMS
  ruby

DEPENDENCIES
  activesupport
  capistrano
  capistrano-bundler
  capistrano-clockwork
  clockwork
  daemons
  ffi
  fluent-logger
  newrelic_rpm
  pushover


RUBY VERSION
   ruby 2.3.3p222

BUNDLED WITH
   1.13.7
